PATH
  remote: .
  specs:
    nano-store (0.3.5)
      bubble-wrap (>= 0.1.1)
      motion-cocoapods (>= 1.0.2)

GEM
  remote: https://rubygems.org/
  specs:
    bubble-wrap (0.1.1)
    cocoapods (0.5.1)
      xcodeproj (~> 0.1.0)
    motion-cocoapods (1.0.2)
      cocoapods (>= 0.5.1)
    motion-redgreen (0.0.2)
    xcodeproj (0.1.0)

PLATFORMS
  ruby

DEPENDENCIES
  motion-redgreen
  nano-store!
